PATH
  remote: ../rulers
  specs:
    rulers (0.0.3)
      erubis (~> 2.7.0)
      multi_json (~> 1.15.0)
      rack (~> 2.2.3)
      sqlite3 (~> 1.4.2)

GEM
  remote: https://rubygems.org/
  specs:
    erubis (2.7.0)
    ffi (1.15.5)
    listen (3.7.1)
      rb-fsevent (~> 0.10, >= 0.10.3)
      rb-inotify (~> 0.9, >= 0.9.10)
    multi_json (1.15.0)
    nio4r (2.5.8)
    puma (5.6.2)
      nio4r (~> 2.0)
    rack (2.2.3)
    rb-fsevent (0.11.1)
    rb-inotify (0.10.1)
      ffi (~> 1.0)
    rerun (0.13.1)
      listen (~> 3.0)
    sqlite3 (1.4.2)

PLATFORMS
  x86_64-darwin-21

DEPENDENCIES
  puma
  rerun
  rulers!

BUNDLED WITH
   2.3.10
